GEM
  remote: https://rubygems.org/
  specs:
    pg (0.14.1)
    rack (1.5.2)
    rack-protection (1.5.0)
      rack
    rake (10.0.3)
    sinatra (1.4.2)
      rack (~> 1.5, >= 1.5.2)
      rack-protection (~> 1.4)
      tilt (~> 1.3, >= 1.3.4)
    sqlite3 (1.3.7)
    tilt (1.3.6)

PLATFORMS
  ruby

DEPENDENCIES
  pg
  rake
  sinatra
  sqlite3
